GEM
  remote: https://rubygems.org/
  specs:
    diff-lcs (1.1.3)
    lexr (0.3.1)
    minitest (3.3.0)
    rake (0.9.2.2)
    rspec (2.10.0)
      rspec-core (~> 2.10.0)
      rspec-expectations (~> 2.10.0)
      rspec-mocks (~> 2.10.0)
    rspec-core (2.10.1)
    rspec-expectations (2.10.0)
      diff-lcs (~> 1.1.3)
    rspec-mocks (2.10.1)

PLATFORMS
  java

DEPENDENCIES
  lexr
  minitest
  rake
  rspec
