GEM
  remote: https://rubygems.org/
  specs:
    activesupport (3.2.9)
      i18n (~> 0.6)
      multi_json (~> 1.0)
    diff-lcs (1.1.3)
    factory_girl (4.1.0)
      activesupport (>= 3.0.0)
    i18n (0.6.1)
    lexr (0.3.1)
    minitest (3.3.0)
    multi_json (1.3.7)
    rake (0.9.2.2)
    rparsec (1.0)
    rspec (2.10.0)
      rspec-core (~> 2.10.0)
      rspec-expectations (~> 2.10.0)
      rspec-mocks (~> 2.10.0)
    rspec-core (2.10.1)
    rspec-expectations (2.10.0)
      diff-lcs (~> 1.1.3)
    rspec-mocks (2.10.1)
    whittle (0.0.8)

PLATFORMS
  java

DEPENDENCIES
  factory_girl
  lexr
  minitest
  rake
  rparsec
  rspec
  whittle
